GIT
  remote: https://github.com/joshk/jemalloc-rb
  revision: 870facda6891ffd9a0b44195b45c485192413742
  ref: 870facd
  specs:
    jemalloc (1.0.1)

GIT
  remote: https://github.com/travis-ci/travis-config
  revision: a64596623f8f8ee70838a4dc4d7803906a049733
  specs:
    travis-config (1.0.13)
      hashr (~> 2.0.0)

GIT
  remote: https://github.com/travis-ci/travis-logger
  revision: 765046a4746617a70395fe2200e8a91dc416f1b3
  specs:
    travis-logger (0.0.1)

GEM
  remote: https://rubygems.org/
  specs:
    activemodel (5.0.2)
      activesupport (= 5.0.2)
    activerecord (5.0.2)
      activemodel (= 5.0.2)
      activesupport (= 5.0.2)
      arel (~> 7.0)
    activesupport (5.0.2)
      concurrent-ruby (~> 1.0, >= 1.0.2)
      i18n (~> 0.7)
      minitest (~> 5.1)
      tzinfo (~> 1.1)
    arel (7.1.4)
    atomic (1.1.99)
    avl_tree (1.2.1)
      atomic (~> 1.1)
    cl (0.0.2)
    concurrent-ruby (1.0.5)
    connection_pool (2.2.1)
    database_cleaner (1.5.3)
    diff-lcs (1.3)
    factory_girl (4.8.0)
      activesupport (>= 3.0.0)
    faraday (0.12.0.1)
      multipart-post (>= 1.2, < 3)
    faraday_middleware (0.11.0.1)
      faraday (>= 0.7.4, < 1.0)
    hashr (2.0.0)
    hitimes (1.2.4)
    i18n (0.8.1)
    metriks (0.9.9.7)
      atomic (~> 1.0)
      avl_tree (~> 1.2.0)
      hitimes (~> 1.1)
    metriks-librato_metrics (1.0.6)
      metriks (>= 0.9.9.6)
    minitest (5.10.1)
    multipart-post (2.0.0)
    pg (0.20.0)
    rack (1.6.5)
    rack-protection (1.5.3)
      rack
    redis (3.3.3)
    redis-namespace (1.5.3)
      redis (~> 3.0, >= 3.0.4)
    rspec (3.5.0)
      rspec-core (~> 3.5.0)
      rspec-expectations (~> 3.5.0)
      rspec-mocks (~> 3.5.0)
    rspec-core (3.5.4)
      rspec-support (~> 3.5.0)
    rspec-expectations (3.5.0)
      diff-lcs (>= 1.2.0, < 2.0)
      rspec-support (~> 3.5.0)
    rspec-mocks (3.5.0)
      diff-lcs (>= 1.2.0, < 2.0)
      rspec-support (~> 3.5.0)
    rspec-support (3.5.0)
    sidekiq (4.1.4)
      concurrent-ruby (~> 1.0)
      connection_pool (~> 2.2, >= 2.2.0)
      redis (~> 3.2, >= 3.2.1)
      sinatra (>= 1.4.7)
    sinatra (1.4.8)
      rack (~> 1.5)
      rack-protection (~> 1.4)
      tilt (>= 1.3, < 3)
    thread_safe (0.3.6)
    tilt (2.0.7)
    travis-encrypt (0.0.1)
    travis-metrics (2.0.0)
      metriks-librato_metrics (~> 1.0)
    tzinfo (1.2.3)
      thread_safe (~> 0.1)
    vcr (3.0.3)

PLATFORMS
  ruby

DEPENDENCIES
  activerecord
  cl
  database_cleaner
  factory_girl
  faraday
  faraday_middleware
  jemalloc!
  pg
  redis
  redis-namespace
  rspec
  sidekiq
  travis-config!
  travis-encrypt
  travis-logger!
  travis-metrics (~> 2.0.0.rc3)
  vcr

BUNDLED WITH
   1.14.5
